PATH
  remote: .
  specs:
    clouds (0.1.0)
      aws-sdk (~> 1.38.0)
      gli (~> 2.9.0)
      inifile (~> 2.0.2)

GEM
  remote: https://rubygems.org/
  specs:
    aruba (0.5.4)
      childprocess (>= 0.3.6)
      cucumber (>= 1.1.1)
      rspec-expectations (>= 2.7.0)
    aws-sdk (1.38.0)
      json (~> 1.4)
      nokogiri (>= 1.4.4)
      uuidtools (~> 2.1)
    builder (3.2.2)
    childprocess (0.5.3)
      ffi (~> 1.0, >= 1.0.11)
    cucumber (1.3.15)
      builder (>= 2.1.2)
      diff-lcs (>= 1.1.3)
      gherkin (~> 2.12)
      multi_json (>= 1.7.5, < 2.0)
      multi_test (>= 0.1.1)
    diff-lcs (1.2.5)
    ffi (1.9.3)
    gherkin (2.12.2)
      multi_json (~> 1.3)
    gli (2.9.0)
    inifile (2.0.2)
    json (1.8.1)
    mini_portile (0.6.0)
    multi_json (1.10.1)
    multi_test (0.1.1)
    nokogiri (1.6.2.1)
      mini_portile (= 0.6.0)
    rake (10.2.2)
    rdoc (4.1.1)
      json (~> 1.4)
    rspec-expectations (2.14.5)
      diff-lcs (>= 1.1.3, < 2.0)
    uuidtools (2.1.4)

PLATFORMS
  ruby

DEPENDENCIES
  aruba (~> 0.5.4)
  bundler
  clouds!
  nokogiri (~> 1.6.1)
  rake (~> 10.2.2)
  rdoc (~> 4.1.1)
